GIT
  remote: https://github.com/vanyak/warbler.git
  revision: ae4e162c6cb43a4194697417ff3254ffe48775ef
  specs:
    warbler (1.3.5)
      jruby-jars (>= 1.4.0)
      jruby-rack (>= 1.0.0)
      rake (>= 0.8.7)
      rubyzip (>= 0.9.4)

GEM
  remote: http://rubygems.org/
  specs:
    aequitas (0.0.2)
    coderay (1.0.8)
    guard (1.5.4)
      listen (>= 0.4.2)
      lumberjack (>= 1.0.2)
      pry (>= 0.9.10)
      thor (>= 0.14.6)
    guard-minitest (0.5.0)
      guard (>= 0.4)
    i18n (0.6.1)
    jruby-jars (1.7.0)
    jruby-rack (1.1.10)
    json (1.7.5)
    json (1.7.5-java)
    listen (0.5.3)
    lumberjack (1.0.2)
    method_source (0.8.1)
    minitest (4.3.0)
    nokogiri (1.5.5)
    nokogiri (1.5.5-java)
    pry (0.9.10)
      coderay (~> 1.0.5)
      method_source (~> 0.8)
      slop (~> 3.3.1)
    pry (0.9.10-java)
      coderay (~> 1.0.5)
      method_source (~> 0.8)
      slop (~> 3.3.1)
      spoon (~> 0.0)
    rake (10.0.2)
    rb-fsevent (0.9.2)
    redis (3.0.2)
    rubyzip (0.9.9)
    sanitize (2.0.3)
      nokogiri (>= 1.4.4, < 1.6)
    slop (3.3.3)
    spoon (0.0.1)
    thor (0.16.0)
    uuidtools (2.1.3)

PLATFORMS
  java
  ruby

DEPENDENCIES
  aequitas
  guard
  guard-minitest
  i18n
  json
  minitest
  rb-fsevent
  redis
  sanitize
  uuidtools
  warbler!
